GEM
  remote: http://rubygems.org/
  specs:
    foreman (0.60.2)
      thor (>= 0.13.6)
    i18n (0.6.1)
    mail (2.5.3)
      i18n (>= 0.4.0)
      mime-types (~> 1.16)
      treetop (~> 1.4.8)
    mime-types (1.19)
    nokogiri (1.5.6)
    polyglot (0.3.3)
    thor (0.16.0)
    treetop (1.4.12)
      polyglot
      polyglot (>= 0.3.1)

PLATFORMS
  ruby

DEPENDENCIES
  foreman
  mail
  nokogiri
  thor
